GEM
  remote: https://rubygems.org/
  specs:
    dotenv (2.8.1)
    mustermann (3.0.0)
      ruby2_keywords (~> 0.0.1)
    rack (2.2.8.1)
    rack-protection (3.0.4)
      rack
    ruby2_keywords (0.0.5)
    sinatra (3.0.4)
      mustermann (~> 3.0)
      rack (~> 2.2, >= 2.2.4)
      rack-protection (= 3.0.4)
      tilt (~> 2.0)
    tilt (2.0.11)
    webrick (1.7.0)

PLATFORMS
  ruby

DEPENDENCIES
  dotenv
  sinatra
  webrick

BUNDLED WITH
   2.1.4
